GIT
  remote: https://github.com/jekyll/jekyll
  revision: ce77fe648874a8a0fa21d855bdfd6b369dc89155
  specs:
    jekyll (3.1.0)
      colorator (~> 0.1)
      jekyll-sass-converter (~> 1.0)
      jekyll-watch (~> 1.1)
      kramdown (~> 1.3)
      liquid (~> 3.0)
      mercenary (~> 0.3.3)
      rouge (~> 1.7)
      safe_yaml (~> 1.0)

GIT
  remote: https://github.com/thoughtbot/bourbon
  revision: e21be43dfee98f7a316ac60b61654404228b2950
  specs:
    bourbon (5.0.0.alpha.0)
      sass (~> 3.4)
      thor (~> 0.19)

GIT
  remote: https://github.com/thoughtbot/neat
  revision: 6bb39e3b364f5a6ddd70d026bb62dcd1877f3dec
  specs:
    neat (1.7.2)
      bourbon (>= 4.0)
      sass (>= 3.3)

GEM
  remote: https://rubygems.org/
  specs:
    bitters (1.2.0)
      bourbon (>= 4.2)
      sass (>= 3.4)
      thor
    colorator (0.1)
    ffi (1.9.10)
    jekyll-paginate (1.1.0)
    jekyll-sass-converter (1.4.0)
      sass (~> 3.4)
    jekyll-watch (1.3.1)
      listen (~> 3.0)
    kramdown (1.9.0)
    liquid (3.0.6)
    listen (3.0.5)
      rb-fsevent (>= 0.9.3)
      rb-inotify (>= 0.9)
    mercenary (0.3.5)
    rb-fsevent (0.9.7)
    rb-inotify (0.9.5)
      ffi (>= 0.5.0)
    rouge (1.10.1)
    safe_yaml (1.0.4)
    sass (3.4.21)
    thor (0.19.1)

PLATFORMS
  ruby

DEPENDENCIES
  bitters
  bourbon!
  jekyll!
  jekyll-paginate
  neat!
  sass

BUNDLED WITH
   1.11.2
